GEM
  remote: http://rubygems.org/
  specs:
    ZenTest (4.8.1)
    actionmailer (2.3.14)
      actionpack (= 2.3.14)
    actionpack (2.3.14)
      activesupport (= 2.3.14)
      rack (~> 1.1.0)
    activerecord (2.3.14)
      activesupport (= 2.3.14)
    activeresource (2.3.14)
      activesupport (= 2.3.14)
    activesupport (2.3.14)
    authlogic (2.1.9)
      activerecord (~> 2.3.0)
      activesupport (~> 2.3.0)
    cocaine (0.2.1)
    erubis (2.7.0)
    factory_girl (1.3.3)
    haml (3.1.6)
    harvested (0.4.0)
      hashie (~> 1)
      httparty
      json
    hashie (1.2.0)
    hoe (3.0.6)
      rake (~> 0.8)
    httparty (0.8.3)
      multi_json (~> 1.0)
      multi_xml
    json (1.7.3)
    mime-types (1.18)
    multi_json (1.3.6)
    multi_xml (0.5.1)
    mysql (2.8.1)
    paperclip (2.7.0)
      activerecord (>= 2.3.0)
      activesupport (>= 2.3.2)
      cocaine (>= 0.0.2)
      mime-types
    rack (1.1.3)
    rails (2.3.14)
      actionmailer (= 2.3.14)
      actionpack (= 2.3.14)
      activerecord (= 2.3.14)
      activeresource (= 2.3.14)
      activesupport (= 2.3.14)
      rake (>= 0.8.3)
    rake (0.9.2.2)
    redgreen (1.2.2)
    ruby-prof (0.11.2)
    shoulda (2.10.2)
    sqlite3 (1.3.6)
    sqlite3-ruby (1.3.3)
      sqlite3 (>= 1.3.3)

PLATFORMS
  ruby

DEPENDENCIES
  ZenTest
  authlogic
  erubis
  factory_girl (= 1.3.3)
  haml
  harvested
  hoe
  mysql
  paperclip
  rails (= 2.3.14)
  redgreen
  ruby-prof
  shoulda (= 2.10.2)
  sqlite3-ruby
