GEM
  remote: http://rubygems.org/
  specs:
    ZenTest (4.5.0)
    actionmailer (2.3.8)
      actionpack (= 2.3.8)
    actionpack (2.3.8)
      activesupport (= 2.3.8)
      rack (~> 1.1.0)
    activerecord (2.3.8)
      activesupport (= 2.3.8)
    activeresource (2.3.8)
      activesupport (= 2.3.8)
    activesupport (2.3.8)
    authlogic (2.1.6)
      activesupport
    erubis (2.7.0)
    factory_girl (1.3.3)
    haml (3.0.25)
    hoe (2.9.4)
      rake (>= 0.8.7)
    mysql (2.8.1)
    paperclip (2.3.8)
      activerecord
      activesupport
    rack (1.1.2)
    rails (2.3.8)
      actionmailer (= 2.3.8)
      actionpack (= 2.3.8)
      activerecord (= 2.3.8)
      activeresource (= 2.3.8)
      activesupport (= 2.3.8)
      rake (>= 0.8.3)
    rake (0.8.7)
    redgreen (1.2.2)
    shoulda (2.10.2)
    sqlite3 (1.3.3)
    sqlite3-ruby (1.3.3)
      sqlite3 (>= 1.3.3)

PLATFORMS
  ruby

DEPENDENCIES
  ZenTest
  authlogic
  erubis
  factory_girl (= 1.3.3)
  haml
  hoe
  mysql
  paperclip
  rails (= 2.3.8)
  redgreen
  shoulda (= 2.10.2)
  sqlite3-ruby
